GEM
  remote: https://rubygems.org/
  specs:
    domain_name (0.5.20)
      unf (>= 0.0.5, < 1.0.0)
    ethon (0.7.1)
      ffi (>= 1.3.0)
    ffi (1.9.3)
    http-cookie (1.0.2)
      domain_name (~> 0.5)
    librex (0.0.70)
    mail (2.6.1)
      mime-types (>= 1.16, < 3)
    mechanize (2.7.3)
      domain_name (~> 0.5, >= 0.5.1)
      http-cookie (~> 1.0)
      mime-types (~> 2.0)
      net-http-digest_auth (~> 1.1, >= 1.1.1)
      net-http-persistent (~> 2.5, >= 2.5.2)
      nokogiri (~> 1.4)
      ntlm-http (~> 0.1, >= 0.1.1)
      webrobots (>= 0.0.9, < 0.2)
    mime-types (2.3)
    mini_portile (0.6.0)
    net-http-digest_auth (1.4)
    net-http-persistent (2.9.4)
    nokogiri (1.6.3.1)
      mini_portile (= 0.6.0)
    ntlm-http (0.1.1)
    pg (0.17.1)
    rack (1.5.2)
    rkelly-remix (0.0.6)
    stomp (1.3.3)
    typhoeus (0.6.9)
      ethon (>= 0.7.1)
    unf (0.1.4)
      unf_ext
    unf_ext (0.0.6)
    webrobots (0.1.1)

PLATFORMS
  ruby

DEPENDENCIES
  librex (~> 0.0.70)
  mail (~> 2.6.1)
  mechanize (~> 2.7.3)
  nokogiri (~> 1.6.3)
  pg (~> 0.17.1)
  rack (~> 1.5.2)
  rkelly-remix (~> 0.0.6)
  stomp (~> 1.3.2)
  typhoeus (~> 0.6.9)
